GEM
  specs:
    activesupport (3.0.3)
    adhearsion (1.0.0)
      activesupport (>= 2.1.0)
      log4r (>= 1.0.5)
    i18n (0.5.0)
    log4r (1.1.9)
    rubigen (1.5.6)
      activesupport (>= 2.3.5)
      i18n

PLATFORMS
  ruby

DEPENDENCIES
  adhearsion
  rubigen
